GEM
  remote: http://rubygems.org/
  specs:
    activemodel (3.1.1)
      activesupport (= 3.1.1)
      builder (~> 3.0.0)
      i18n (~> 0.6)
    activesupport (3.1.1)
      multi_json (~> 1.0)
    addressable (2.3.2)
    bson (1.4.0)
    bson_ext (1.4.0)
    builder (3.0.0)
    crack (0.3.1)
    dalli (2.6.0)
    diff-lcs (1.1.3)
    haml (3.1.2)
    i18n (0.6.0)
    json (1.5.3)
    mongo (1.4.0)
      bson (= 1.4.0)
    mongoid (2.2.0)
      activemodel (~> 3.1)
      mongo (~> 1.3)
      tzinfo (~> 0.3.22)
    multi_json (1.0.3)
    nokogiri (1.5.5)
    oauth (0.4.5)
    rack (1.3.2)
    rack-test (0.6.2)
      rack (>= 1.0)
    rspec (2.12.0)
      rspec-core (~> 2.12.0)
      rspec-expectations (~> 2.12.0)
      rspec-mocks (~> 2.12.0)
    rspec-core (2.12.1)
    rspec-expectations (2.12.0)
      diff-lcs (~> 1.1.3)
    rspec-mocks (2.12.0)
    sinatra (1.2.6)
      rack (~> 1.1)
      tilt (>= 1.2.2, < 2.0)
    tilt (1.3.2)
    tzinfo (0.3.29)
    webmock (1.8.11)
      addressable (>= 2.2.7)
      crack (>= 0.1.7)

PLATFORMS
  ruby

DEPENDENCIES
  bson_ext
  dalli
  haml
  json
  mongoid
  nokogiri
  oauth
  rack-test
  rspec
  sinatra
  webmock
